GEM
  remote: https://rubygems.org/
  specs:
    chronic (0.6.7)
    daemons (1.1.8)
    eventmachine (0.12.10)
    rack (1.4.1)
    thin (1.3.1)
      daemons (>= 1.0.9)
      eventmachine (>= 0.12.6)
      rack (>= 1.0.0)

PLATFORMS
  ruby

DEPENDENCIES
  chronic
  rack
  thin
